GEM
  remote: https://rubygems.org/
  specs:
    addressable (2.3.6)
    bson (1.10.2)
    bson_ext (1.10.2)
      bson (~> 1.10.2)
    buftok (0.2.0)
    builder (3.2.2)
    dropbox-sdk (1.6.4)
      json
    equalizer (0.0.9)
    faraday (0.9.0)
      multipart-post (>= 1.2, < 3)
    haml (4.0.5)
      tilt
    http (0.6.1)
      http_parser.rb (~> 0.6.0)
    http_parser.rb (0.6.0)
    json (1.8.1)
    jwt (0.1.11)
      multi_json (>= 1.5)
    mail (2.6.1)
      mime-types (>= 1.16, < 3)
    memoizable (0.4.2)
      thread_safe (~> 0.3, >= 0.3.1)
    mime-types (2.3)
    mongo (1.10.2)
      bson (= 1.10.2)
    multi_json (1.10.1)
    multimap (1.1.3)
    multipart-post (2.0.0)
    naught (1.0.0)
    oauth (0.4.7)
    pony (1.9)
      mail (>= 2.0)
    psych (2.0.5)
    puma (2.8.2)
      rack (>= 1.1, < 2.0)
    rack (1.5.2)
    rack-protection (1.5.3)
      rack
    scruffy (0.2.6)
    simple_oauth (0.2.0)
    sinatra (1.4.5)
      rack (~> 1.4)
      rack-protection (~> 1.4)
      tilt (~> 1.3, >= 1.3.4)
    sinatra-graph (0.1.3)
      scruffy
      sinatra (>= 1.0.0)
    thread_safe (0.3.4)
    tilt (1.4.1)
    twilio-ruby (3.11.5)
      builder (>= 2.1.2)
      jwt (>= 0.1.2)
      multi_json (>= 1.3.0)
    twitter (5.11.0)
      addressable (~> 2.3)
      buftok (~> 0.2.0)
      equalizer (~> 0.0.9)
      faraday (~> 0.9.0)
      http (~> 0.6.0)
      http_parser.rb (~> 0.6.0)
      json (~> 1.8)
      memoizable (~> 0.4.0)
      naught (~> 1.0)
      simple_oauth (~> 0.2.0)

PLATFORMS
  ruby

DEPENDENCIES
  bson
  bson_ext
  builder
  dropbox-sdk
  haml
  json
  jwt (= 0.1.11)
  mongo
  multimap
  oauth
  pony
  psych (~> 2.0.5)
  puma
  sinatra
  sinatra-graph
  twilio-ruby
  twitter
